PATH
  remote: .
  specs:
    actionmailer (4.0.13.github0)
      actionpack (= 4.0.13.github0)
      mail (~> 2.5, >= 2.5.4)
    actionpack (4.0.13.github0)
      activesupport (= 4.0.13.github0)
      builder (~> 3.1.0)
      erubis (~> 2.7.0)
      rack (~> 1.6.1)
      rack-test (~> 0.6.2)
    activemodel (4.0.13.github0)
      activesupport (= 4.0.13.github0)
      builder (~> 3.1.0)
    activerecord (4.0.13.github0)
      activemodel (= 4.0.13.github0)
      activerecord-deprecated_finders (~> 1.0.2)
      activesupport (= 4.0.13.github0)
      arel (~> 4.0.0)
    activesupport (4.0.13.github0)
      i18n (~> 0.6, >= 0.6.9)
      minitest (~> 4.2)
      multi_json (~> 1.3)
      thread_safe (~> 0.1)
      tzinfo (~> 0.3.37)
    rails (4.0.13.github0)
      actionmailer (= 4.0.13.github0)
      actionpack (= 4.0.13.github0)
      activerecord (= 4.0.13.github0)
      activesupport (= 4.0.13.github0)
      bundler (>= 1.3.0, < 2.0)
      railties (= 4.0.13.github0)
      sprockets-rails (~> 2.0)
    railties (4.0.13.github0)
      actionpack (= 4.0.13.github0)
      activesupport (= 4.0.13.github0)
      rake (>= 0.8.7)
      thor (>= 0.18.1, < 2.0)

GEM
  remote: https://rubygems.org/
  specs:
    activerecord-deprecated_finders (1.0.4)
    arel (4.0.2)
    bcrypt (3.1.9)
    benchmark-ips (2.1.0)
    builder (3.1.4)
    coffee-rails (4.1.0)
      coffee-script (>= 2.2.0)
      railties (>= 4.0.0, < 5.0)
    coffee-script (2.3.0)
      coffee-script-source
      execjs
    coffee-script-source (1.8.0)
    dalli (2.7.2)
    erubis (2.7.0)
    execjs (2.2.2)
    i18n (0.7.0)
    jquery-rails (2.2.2)
      railties (>= 3.0, < 5.0)
      thor (>= 0.14, < 2.0)
    json (1.8.1)
    kindlerb (0.1.1)
      mustache
      nokogiri
    mail (2.6.3)
      mime-types (>= 1.16, < 3)
    metaclass (0.0.4)
    mime-types (2.5)
    mini_portile (0.6.1)
    minitest (4.7.5)
    mocha (0.13.3)
      metaclass (~> 0.0.1)
    multi_json (1.11.0)
    mustache (0.99.7)
    mysql (2.9.1)
    mysql2 (0.3.16)
    nokogiri (1.6.4.1)
      mini_portile (~> 0.6.0)
    pg (0.17.1)
    racc (1.4.12)
    rack (1.6.1)
    rack-cache (1.2)
      rack (>= 0.4)
    rack-test (0.6.3)
      rack (>= 1.0)
    rake (10.4.2)
    rdoc (4.1.2)
      json (~> 1.4)
    redcarpet (2.2.2)
    sdoc (0.4.1)
      json (~> 1.7, >= 1.7.7)
      rdoc (~> 4.0)
    sprockets (3.1.0)
      rack (~> 1.0)
    sprockets-rails (2.3.1)
      actionpack (>= 3.0)
      activesupport (>= 3.0)
      sprockets (>= 2.8, < 4.0)
    sqlite3 (1.3.10)
    thor (0.19.1)
    thread_safe (0.3.5)
    turbolinks (2.5.2)
      coffee-rails
    tzinfo (0.3.44)
    uglifier (2.5.3)
      execjs (>= 0.3.0)
      json (>= 1.8.0)
    w3c_validators (1.2)
      json
      nokogiri
    yajl-ruby (1.2.1)

PLATFORMS
  ruby

DEPENDENCIES
  activerecord-jdbcmysql-adapter (>= 1.3.0)
  activerecord-jdbcpostgresql-adapter (>= 1.3.0)
  activerecord-jdbcsqlite3-adapter (>= 1.3.0)
  bcrypt (~> 3.1.7)
  benchmark-ips
  dalli (>= 2.2.1)
  jquery-rails (~> 2.2.0)
  json
  kindlerb
  mocha (~> 0.13.0)
  mysql (>= 2.9.0)
  mysql2 (>= 0.3.10)
  nokogiri (>= 1.4.5)
  pg (>= 0.11.0)
  racc (>= 1.4.6)
  rack-cache (~> 1.2)
  rails!
  redcarpet (~> 2.2.2)
  sdoc
  sqlite3 (~> 1.3.6)
  turbolinks
  uglifier (>= 1.3.0)
  w3c_validators
  yajl-ruby
