PATH
  remote: .
  specs:
    activefile (0.1)
      activejob (>= 5.1)
      activerecord (>= 5.1)
      activesupport (>= 5.1)

GEM
  remote: https://rubygems.org/
  specs:
    activejob (5.1.1)
      activesupport (= 5.1.1)
      globalid (>= 0.3.6)
    activemodel (5.1.1)
      activesupport (= 5.1.1)
    activerecord (5.1.1)
      activemodel (= 5.1.1)
      activesupport (= 5.1.1)
      arel (~> 8.0)
    activesupport (5.1.1)
      concurrent-ruby (~> 1.0, >= 1.0.2)
      i18n (~> 0.7)
      minitest (~> 5.1)
      tzinfo (~> 1.1)
    arel (8.0.0)
    byebug (9.0.6)
    concurrent-ruby (1.0.5)
    globalid (0.4.0)
      activesupport (>= 4.2.0)
    i18n (0.8.4)
    minitest (5.10.2)
    rake (12.0.0)
    thread_safe (0.3.6)
    tzinfo (1.2.3)
      thread_safe (~> 0.1)

PLATFORMS
  ruby

DEPENDENCIES
  activefile!
  bundler (~> 1.15)
  byebug
  rake

BUNDLED WITH
   1.15.1
